STORAGE: NONE
RESTRICTION: == netcoreapp3.1
NUGET
  remote: https://api.nuget.org/v3/index.json
    Microsoft.Extensions.Caching.Abstractions (6.0)
      Microsoft.Extensions.Primitives (>= 6.0)
    Microsoft.Extensions.Caching.Memory (6.0)
      Microsoft.Extensions.Caching.Abstractions (>= 6.0)
      Microsoft.Extensions.DependencyInjection.Abstractions (>= 6.0)
      Microsoft.Extensions.Logging.Abstractions (>= 6.0)
      Microsoft.Extensions.Options (>= 6.0)
      Microsoft.Extensions.Primitives (>= 6.0)
    Microsoft.Extensions.Configuration (6.0)
      Microsoft.Extensions.Configuration.Abstractions (>= 6.0)
      Microsoft.Extensions.Primitives (>= 6.0)
    Microsoft.Extensions.Configuration.Abstractions (6.0)
      Microsoft.Extensions.Primitives (>= 6.0)
    Microsoft.Extensions.Configuration.Binder (6.0)
      Microsoft.Extensions.Configuration.Abstractions (>= 6.0)
    Microsoft.Extensions.Configuration.CommandLine (6.0)
      Microsoft.Extensions.Configuration (>= 6.0)
      Microsoft.Extensions.Configuration.Abstractions (>= 6.0)
    Microsoft.Extensions.Configuration.EnvironmentVariables (6.0)
      Microsoft.Extensions.Configuration (>= 6.0)
      Microsoft.Extensions.Configuration.Abstractions (>= 6.0)
    Microsoft.Extensions.Configuration.FileExtensions (6.0)
      Microsoft.Extensions.Configuration (>= 6.0)
      Microsoft.Extensions.Configuration.Abstractions (>= 6.0)
      Microsoft.Extensions.FileProviders.Abstractions (>= 6.0)
      Microsoft.Extensions.FileProviders.Physical (>= 6.0)
      Microsoft.Extensions.Primitives (>= 6.0)
    Microsoft.Extensions.Configuration.Json (5.0)
      Microsoft.Extensions.Configuration (>= 5.0)
      Microsoft.Extensions.Configuration.Abstractions (>= 5.0)
      Microsoft.Extensions.Configuration.FileExtensions (>= 5.0)
      Microsoft.Extensions.FileProviders.Abstractions (>= 5.0)
      System.Text.Json (>= 5.0)
    Microsoft.Extensions.Configuration.UserSecrets (5.0)
      Microsoft.Extensions.Configuration.Abstractions (>= 5.0)
      Microsoft.Extensions.Configuration.Json (>= 5.0)
      Microsoft.Extensions.FileProviders.Abstractions (>= 5.0)
      Microsoft.Extensions.FileProviders.Physical (>= 5.0)
    Microsoft.Extensions.DependencyInjection (3.1.22)
      Microsoft.Extensions.DependencyInjection.Abstractions (>= 3.1.22)
    Microsoft.Extensions.DependencyInjection.Abstractions (6.0)
    Microsoft.Extensions.FileProviders.Abstractions (6.0)
      Microsoft.Extensions.Primitives (>= 6.0)
    Microsoft.Extensions.FileProviders.Physical (6.0)
      Microsoft.Extensions.FileProviders.Abstractions (>= 6.0)
      Microsoft.Extensions.FileSystemGlobbing (>= 6.0)
      Microsoft.Extensions.Primitives (>= 6.0)
    Microsoft.Extensions.FileSystemGlobbing (6.0)
    Microsoft.Extensions.Hosting (3.1.22)
      Microsoft.Extensions.Configuration (>= 3.1.22)
      Microsoft.Extensions.Configuration.CommandLine (>= 3.1.22)
      Microsoft.Extensions.Configuration.EnvironmentVariables (>= 3.1.22)
      Microsoft.Extensions.Configuration.UserSecrets (>= 3.1.22)
      Microsoft.Extensions.DependencyInjection (>= 3.1.22)
      Microsoft.Extensions.FileProviders.Physical (>= 3.1.22)
      Microsoft.Extensions.Hosting.Abstractions (>= 3.1.22)
      Microsoft.Extensions.Logging (>= 3.1.22)
      Microsoft.Extensions.Logging.Console (>= 3.1.22)
      Microsoft.Extensions.Logging.Debug (>= 3.1.22)
      Microsoft.Extensions.Logging.EventLog (>= 3.1.22)
      Microsoft.Extensions.Logging.EventSource (>= 3.1.22)
    Microsoft.Extensions.Hosting.Abstractions (6.0)
      Microsoft.Extensions.Configuration.Abstractions (>= 6.0)
      Microsoft.Extensions.DependencyInjection.Abstractions (>= 6.0)
      Microsoft.Extensions.FileProviders.Abstractions (>= 6.0)
    Microsoft.Extensions.Logging (3.1.22)
      Microsoft.Extensions.Configuration.Binder (>= 3.1.22)
      Microsoft.Extensions.DependencyInjection (>= 3.1.22)
      Microsoft.Extensions.Logging.Abstractions (>= 3.1.22)
      Microsoft.Extensions.Options (>= 3.1.22)
    Microsoft.Extensions.Logging.Abstractions (6.0)
      System.Buffers (>= 4.5.1)
      System.Memory (>= 4.5.4)
    Microsoft.Extensions.Logging.Configuration (3.1.22)
      Microsoft.Extensions.Logging (>= 3.1.22)
      Microsoft.Extensions.Options.ConfigurationExtensions (>= 3.1.22)
    Microsoft.Extensions.Logging.Console (3.1.22)
      Microsoft.Extensions.Configuration.Abstractions (>= 3.1.22)
      Microsoft.Extensions.Logging (>= 3.1.22)
      Microsoft.Extensions.Logging.Configuration (>= 3.1.22)
    Microsoft.Extensions.Logging.Debug (3.1.22)
      Microsoft.Extensions.Logging (>= 3.1.22)
    Microsoft.Extensions.Logging.EventLog (3.1.22)
      Microsoft.Extensions.Logging (>= 3.1.22)
      System.Diagnostics.EventLog (>= 4.7)
    Microsoft.Extensions.Logging.EventSource (3.1.22)
      Microsoft.Extensions.Logging (>= 3.1.22)
    Microsoft.Extensions.Options (6.0)
      Microsoft.Extensions.DependencyInjection.Abstractions (>= 6.0)
      Microsoft.Extensions.Primitives (>= 6.0)
    Microsoft.Extensions.Options.ConfigurationExtensions (6.0)
      Microsoft.Extensions.Configuration.Abstractions (>= 6.0)
      Microsoft.Extensions.Configuration.Binder (>= 6.0)
      Microsoft.Extensions.DependencyInjection.Abstractions (>= 6.0)
      Microsoft.Extensions.Options (>= 6.0)
      Microsoft.Extensions.Primitives (>= 6.0)
    Microsoft.Extensions.Primitives (6.0)
      System.Runtime.CompilerServices.Unsafe (>= 6.0)
    Microsoft.Win32.Registry (5.0)
      System.Security.AccessControl (>= 5.0)
      System.Security.Principal.Windows (>= 5.0)
    Newtonsoft.Json (12.0.3)
    Polly (7.2.1)
    refit (6.0.1)
      System.Net.Http.Json (>= 5.0)
      System.Text.Json (>= 5.0.1)
    System.Buffers (4.5.1)
    System.Diagnostics.EventLog (6.0)
      Microsoft.Win32.Registry (>= 5.0)
      System.Security.Principal.Windows (>= 5.0)
    System.Memory (4.5.4)
    System.Net.Http.Json (5.0)
      System.Text.Json (>= 5.0)
    System.Runtime.CompilerServices.Unsafe (6.0)
    System.Security.AccessControl (6.0)
      System.Security.Principal.Windows (>= 5.0)
    System.Security.Principal.Windows (5.0)
    System.Text.Json (5.0.1)
